GEM
  remote: https://rubygems.org/
  specs:
    backports (3.15.0)
    byebug (11.0.1)
    coderay (1.1.2)
    coveralls (0.8.23)
      json (>= 1.8, < 3)
      simplecov (~> 0.16.1)
      term-ansicolor (~> 1.3)
      thor (>= 0.19.4, < 2.0)
      tins (~> 1.6)
    diff-lcs (1.3)
    docile (1.3.2)
    dotenv (2.7.5)
    foreman (0.85.0)
      thor (~> 0.19.1)
    json (2.2.0)
    method_source (0.9.2)
    multi_json (1.13.1)
    mustermann (1.0.3)
    nio4r (2.5.2)
    pry (0.12.2)
      coderay (~> 1.1.0)
      method_source (~> 0.9.0)
    pry-byebug (3.7.0)
      byebug (~> 11.0)
      pry (~> 0.10)
    puma (4.2.0)
      nio4r (~> 2.0)
    puma-heroku (1.1.0)
      puma (>= 3.0, < 5.0)
    rack (2.0.7)
    rack-protection (2.0.5)
      rack
    rack-test (1.1.0)
      rack (>= 1.0, < 3)
    rake (13.0.0)
    redis (4.1.3)
    redis-objects (1.5.0)
      redis (~> 4.0)
    rollbar (2.22.1)
    rspec (3.8.0)
      rspec-core (~> 3.8.0)
      rspec-expectations (~> 3.8.0)
      rspec-mocks (~> 3.8.0)
    rspec-core (3.8.2)
      rspec-support (~> 3.8.0)
    rspec-expectations (3.8.4)
      diff-lcs (>= 1.2.0, < 2.0)
      rspec-support (~> 3.8.0)
    rspec-mocks (3.8.1)
      diff-lcs (>= 1.2.0, < 2.0)
      rspec-support (~> 3.8.0)
    rspec-support (3.8.3)
    simplecov (0.16.1)
      docile (~> 1.1)
      json (>= 1.8, < 3)
      simplecov-html (~> 0.10.0)
    simplecov-html (0.10.2)
    sinatra (2.0.5)
      mustermann (~> 1.0)
      rack (~> 2.0)
      rack-protection (= 2.0.5)
      tilt (~> 2.0)
    sinatra-contrib (2.0.5)
      backports (>= 2.8.2)
      multi_json
      mustermann (~> 1.0)
      rack-protection (= 2.0.5)
      sinatra (= 2.0.5)
      tilt (>= 1.3, < 3)
    slack-notifier (2.3.2)
    term-ansicolor (1.7.1)
      tins (~> 1.0)
    thor (0.19.4)
    tilt (2.0.10)
    tins (1.21.1)

PLATFORMS
  ruby

DEPENDENCIES
  coveralls
  dotenv
  foreman
  pry-byebug
  puma
  puma-heroku
  rack-test
  rake
  redis-objects
  rollbar
  rspec
  simplecov
  sinatra
  sinatra-contrib
  slack-notifier

RUBY VERSION
   ruby 2.6.3p62

BUNDLED WITH
   1.17.2
