GEM
  remote: https://rubygems.org/
  specs:
    byebug (11.1.3)
    coderay (1.1.3)
    coveralls (0.8.23)
      json (>= 1.8, < 3)
      simplecov (~> 0.16.1)
      term-ansicolor (~> 1.3)
      thor (>= 0.19.4, < 2.0)
      tins (~> 1.6)
    diff-lcs (1.4.4)
    docile (1.3.5)
    dotenv (2.7.6)
    foreman (0.87.2)
    json (2.5.1)
    method_source (1.0.0)
    multi_json (1.15.0)
    mustermann (1.1.1)
      ruby2_keywords (~> 0.0.1)
    nio4r (2.5.7)
    pry (0.13.1)
      coderay (~> 1.1)
      method_source (~> 1.0)
    pry-byebug (3.9.0)
      byebug (~> 11.0)
      pry (~> 0.13.0)
    puma (5.3.0)
      nio4r (~> 2.0)
    rack (2.2.3)
    rack-protection (2.1.0)
      rack
    rack-test (1.1.0)
      rack (>= 1.0, < 3)
    rake (13.0.3)
    redis (4.2.5)
    redis-objects (1.5.0)
      redis (~> 4.0)
    rollbar (3.1.2)
    rspec (3.10.0)
      rspec-core (~> 3.10.0)
      rspec-expectations (~> 3.10.0)
      rspec-mocks (~> 3.10.0)
    rspec-core (3.10.1)
      rspec-support (~> 3.10.0)
    rspec-expectations (3.10.1)
      diff-lcs (>= 1.2.0, < 2.0)
      rspec-support (~> 3.10.0)
    rspec-mocks (3.10.2)
      diff-lcs (>= 1.2.0, < 2.0)
      rspec-support (~> 3.10.0)
    rspec-support (3.10.2)
    ruby2_keywords (0.0.4)
    simplecov (0.16.1)
      docile (~> 1.1)
      json (>= 1.8, < 3)
      simplecov-html (~> 0.10.0)
    simplecov-html (0.10.2)
    sinatra (2.1.0)
      mustermann (~> 1.0)
      rack (~> 2.2)
      rack-protection (= 2.1.0)
      tilt (~> 2.0)
    sinatra-contrib (2.1.0)
      multi_json
      mustermann (~> 1.0)
      rack-protection (= 2.1.0)
      sinatra (= 2.1.0)
      tilt (~> 2.0)
    slack-notifier (2.4.0)
    sync (0.5.0)
    term-ansicolor (1.7.1)
      tins (~> 1.0)
    thor (1.1.0)
    tilt (2.0.10)
    tins (1.29.0)
      sync

PLATFORMS
  ruby

DEPENDENCIES
  coveralls
  dotenv
  foreman
  pry-byebug
  puma
  rack-test
  rake
  redis-objects
  rollbar
  rspec
  simplecov
  sinatra (>= 2.1.0)
  sinatra-contrib (>= 2.1.0)
  slack-notifier (>= 2.4.0)

RUBY VERSION
   ruby 3.0.1p64

BUNDLED WITH
   2.2.15
